GEM
  remote: https://rubygems.org/
  specs:
    dalli (2.7.2)
    dotenv (1.0.2)
    faraday (0.8.9)
      multipart-post (~> 1.2.0)
    github_api (0.8.11)
      faraday (~> 0.8.1)
      hashie (~> 1.2.0)
      multi_json (~> 1.4)
      nokogiri (~> 1.5.2)
      oauth2
    haml (4.0.6)
      tilt
    hashie (1.2.0)
    jwt (1.2.0)
    kramdown (1.5.0)
    mime-types (2.4.3)
    multi_json (1.10.1)
    multi_xml (0.5.5)
    multipart-post (1.2.0)
    nokogiri (1.5.11)
    oauth2 (1.0.0)
      faraday (>= 0.8, < 0.10)
      jwt (~> 1.0)
      multi_json (~> 1.3)
      multi_xml (~> 0.5)
      rack (~> 1.2)
    posix-spawn (0.3.9)
    pygments.rb (0.6.0)
      posix-spawn (~> 0.3.6)
      yajl-ruby (~> 1.1.0)
    rack (1.6.0)
    rack-protection (1.5.3)
      rack
    sinatra (1.4.5)
      rack (~> 1.4)
      rack-protection (~> 1.4)
      tilt (~> 1.3, >= 1.3.4)
    tilt (1.4.1)
    unicode (0.4.4.2)
    virtualfs (0.1.4)
      dalli (~> 2.7)
      github_api (~> 0.8.0)
      unicode (~> 0.4.4)
    yajl-ruby (1.1.0)

PLATFORMS
  ruby

DEPENDENCIES
  dotenv
  haml
  kramdown
  mime-types
  pygments.rb
  sinatra
  virtualfs
